GEM
  remote: https://rubygems.org/
  specs:
    ical (0.0.13)
    whois (3.4.2)

PLATFORMS
  ruby

DEPENDENCIES
  ical
  whois
